GIT
  remote: git://github.com/tent/tent-schemas.git
  revision: 1262f2b3a5a2a3e25fe3e7cb88257500aee1635a
  branch: master
  specs:
    tent-schemas (0.0.1)
      json-schema

GIT
  remote: git://github.com/titanous/asset_sync.git
  revision: 64f86044921b7029cf3be673a1920aa7fdfe8604
  branch: fix-mime
  specs:
    asset_sync (0.5.0)
      activemodel
      fog

GEM
  remote: http://rubygems.org/
  specs:
    activemodel (4.2.11.3)
      activesupport (= 4.2.11.3)
      builder (~> 3.1)
    activesupport (4.2.11.3)
      i18n (~> 0.7)
      minitest (~> 5.1)
      thread_safe (~> 0.3, >= 0.3.4)
      tzinfo (~> 1.1)
    adsf (1.1.1)
      rack (>= 1.0.0)
    builder (3.2.4)
    clogger (1.1.0)
      rack (> 0.9)
    colored (1.2)
    concurrent-ruby (1.1.7)
    cri (2.3.0)
      colored (>= 1.2)
    excon (0.16.7)
    fog (1.6.0)
      builder
      excon (~> 0.14)
      formatador (~> 0.2.0)
      mime-types
      multi_json (~> 1.0)
      net-scp (~> 1.0.4)
      net-ssh (>= 2.1.3)
      nokogiri (~> 1.5.0)
      ruby-hmac
    formatador (0.2.4)
    fssm (0.2.9)
    i18n (0.9.5)
      concurrent-ruby (~> 1.0)
    json-schema (1.0.10)
    mime-types (1.19)
    minitest (5.12.0)
    multi_json (1.15.0)
    nanoc (3.4.1)
      cri (~> 2.2)
    nanoc-cachebuster (0.3.1)
      nanoc (>= 3.3.0)
    net-scp (1.0.4)
      net-ssh (>= 1.99.1)
    net-ssh (2.6.1)
    nokogiri (1.5.5)
    posix-spawn (0.3.6)
    puma (1.6.3)
      rack (~> 1.2)
    pygments.rb (0.3.2)
      posix-spawn (~> 0.3.6)
      yajl-ruby (~> 1.1.0)
    rack (1.4.1)
    rack-rewrite (1.3.0)
    rainpress (1.0)
    redcarpet (2.2.2)
    ruby-hmac (0.4.0)
    slim (1.3.3)
      temple (~> 0.5.5)
      tilt (~> 1.3.3)
    temple (0.5.5)
    thread_safe (0.3.6)
    tilt (1.3.3)
    tzinfo (1.2.7)
      thread_safe (~> 0.1)
    yajl-ruby (1.1.0)

PLATFORMS
  ruby

DEPENDENCIES
  adsf
  asset_sync!
  clogger
  fssm
  mime-types
  nanoc
  nanoc-cachebuster
  nokogiri
  puma
  pygments.rb
  rack
  rack-rewrite
  rainpress
  redcarpet
  slim
  tent-schemas!
